GIT
  remote: https://github.com/johnboyes/synthetic-monitor.git
  revision: 6cf4837acce74bbecd22074782308494c3ae6621
  specs:
    synthetic_monitor (0.4.2)
      rest-client
      rspec (= 3.2.0)

GEM
  remote: https://rubygems.org/
  specs:
    addressable (2.5.0)
      public_suffix (~> 2.0, >= 2.0.2)
    ast (2.3.0)
    capybara (2.12.1)
      addressable
      mime-types (>= 1.16)
      nokogiri (>= 1.3.3)
      rack (>= 1.0.0)
      rack-test (>= 0.5.4)
      xpath (~> 2.0)
    childprocess (0.6.2)
      ffi (~> 1.0, >= 1.0.11)
    cliver (0.3.2)
    codeclimate-test-reporter (1.0.6)
      simplecov
    diff-lcs (1.3)
    docile (1.1.5)
    domain_name (0.5.20170223)
      unf (>= 0.0.5, < 1.0.0)
    faraday (0.11.0)
      multipart-post (>= 1.2, < 3)
    ffi (1.9.18)
    foreman (0.83.0)
      thor (~> 0.19.1)
    gitlab (3.6.1)
      httparty
      terminal-table
    haml (4.0.7)
      tilt
    hashdiff (0.3.2)
    hashie (3.5.5)
    http-cookie (1.0.3)
      domain_name (~> 0.5)
    httparty (0.14.0)
      multi_xml (>= 0.5.2)
    json (2.0.3)
    mime-types (3.1)
      mime-types-data (~> 3.2015)
    mime-types-data (3.2016.0521)
    mini_portile2 (2.1.0)
    minitest (5.10.1)
    mirage (3.0.12)
      childprocess
      haml
      hashie
      httparty
      ptools
      sinatra
      thor
    multi_xml (0.6.0)
    multipart-post (2.0.0)
    netrc (0.11.0)
    nokogiri (1.7.0.1)
      mini_portile2 (~> 2.1.0)
    octokit (4.6.2)
      sawyer (~> 0.8.0, >= 0.5.3)
    parser (2.4.0.0)
      ast (~> 2.2)
    poltergeist (1.13.0)
      capybara (~> 2.1)
      cliver (~> 0.3.1)
      websocket-driver (>= 0.2.0)
    powerpack (0.1.1)
    pronto (0.8.2)
      gitlab (~> 3.6, >= 3.4.0)
      httparty (>= 0.13.7, < 0.15)
      octokit (~> 4.3, >= 4.1.0)
      rainbow (~> 2.1)
      rugged (~> 0.24, >= 0.23.0)
      thor (~> 0.19.0)
    pronto-rubocop (0.8.0)
      pronto (~> 0.8.0)
      rubocop (~> 0.38, >= 0.35.0)
    ptools (1.3.3)
    public_suffix (2.0.5)
    rack (1.6.5)
    rack-protection (1.5.3)
      rack
    rack-test (0.6.3)
      rack (>= 1.0)
    rainbow (2.2.1)
    rake (12.0.0)
    rest-client (2.0.1)
      http-cookie (>= 1.0.2, < 2.0)
      mime-types (>= 1.16, < 4.0)
      netrc (~> 0.8)
    rspec (3.2.0)
      rspec-core (~> 3.2.0)
      rspec-expectations (~> 3.2.0)
      rspec-mocks (~> 3.2.0)
    rspec-core (3.2.3)
      rspec-support (~> 3.2.0)
    rspec-expectations (3.2.1)
      diff-lcs (>= 1.2.0, < 2.0)
      rspec-support (~> 3.2.0)
    rspec-mocks (3.2.1)
      diff-lcs (>= 1.2.0, < 2.0)
      rspec-support (~> 3.2.0)
    rspec-support (3.2.2)
    rubocop (0.47.1)
      parser (>= 2.3.3.1, < 3.0)
      powerpack (~> 0.1)
      rainbow (>= 1.99.1, < 3.0)
      ruby-progressbar (~> 1.7)
      unicode-display_width (~> 1.0, >= 1.0.1)
    ruby-progressbar (1.8.1)
    rugged (0.25.1.1)
    sawyer (0.8.1)
      addressable (>= 2.3.5, < 2.6)
      faraday (~> 0.8, < 1.0)
    simplecov (0.13.0)
      docile (~> 1.1.0)
      json (>= 1.8, < 3)
      simplecov-html (~> 0.10.0)
    simplecov-html (0.10.0)
    sinatra (1.4.8)
      rack (~> 1.5)
      rack-protection (~> 1.4)
      tilt (>= 1.3, < 3)
    terminal-table (1.7.3)
      unicode-display_width (~> 1.1.1)
    thor (0.19.4)
    tilt (2.0.6)
    unf (0.1.4)
      unf_ext
    unf_ext (0.0.7.2)
    unicode-display_width (1.1.3)
    websocket-driver (0.6.5)
      websocket-extensions (>= 0.1.0)
    websocket-extensions (0.1.2)
    xpath (2.0.0)
      nokogiri (~> 1.3)

PLATFORMS
  ruby

DEPENDENCIES
  codeclimate-test-reporter (~> 1.0.0)
  foreman
  hashdiff
  minitest
  mirage
  poltergeist
  pronto
  pronto-rubocop
  rake
  simplecov
  synthetic_monitor!

RUBY VERSION
   ruby 2.4.0p0

BUNDLED WITH
   1.14.5
